PATH
  remote: .
  specs:
    scrapecensus (0.0.1)
      commander (~> 4.1.2)
      faraday
      term-ansicolor (~> 1.0.7)
      terminal-table (~> 1.4.5)

GEM
  remote: https://rubygems.org/
  specs:
    commander (4.1.5)
      highline (~> 1.6.11)
    diff-lcs (1.2.4)
    faraday (0.8.8)
      multipart-post (~> 1.2.0)
    highline (1.6.19)
    multipart-post (1.2.0)
    rake (10.1.0)
    rspec (2.14.1)
      rspec-core (~> 2.14.0)
      rspec-expectations (~> 2.14.0)
      rspec-mocks (~> 2.14.0)
    rspec-core (2.14.5)
    rspec-expectations (2.14.3)
      diff-lcs (>= 1.1.3, < 2.0)
    rspec-mocks (2.14.3)
    term-ansicolor (1.0.7)
    terminal-table (1.4.5)

PLATFORMS
  ruby

DEPENDENCIES
  rake
  rspec
  scrapecensus!
